GEM
  remote: http://rubygems.org/
  specs:
    rack (2.0.1)
    warden (1.2.6)
      rack (>= 1.0)

PLATFORMS
  ruby

DEPENDENCIES
  warden

BUNDLED WITH
   1.13.1
